GEM
  remote: https://rubygems.org/
  specs:
    pandoc-ruby (2.0.2)

PLATFORMS
  ruby

DEPENDENCIES
  pandoc-ruby

BUNDLED WITH
   2.0.1
